GEM
  remote: https://rubygems.org/
  specs:
    Ascii85 (1.0.3)
    pdf-reader (1.1.1)
      Ascii85 (~> 1.0.0)
      ruby-rc4
    pdf-reader-turtletext (0.2.2)
      pdf-reader (= 1.1.1)
    ruby-rc4 (0.1.5)

PLATFORMS
  x86_64-darwin-21

DEPENDENCIES
  pdf-reader
  pdf-reader-turtletext

RUBY VERSION
   ruby 3.0.3p157

BUNDLED WITH
   2.3.11
