GIT
  remote: https://github.com/tardate/pdf-reader-turtletext.git
  revision: 82869aff9401c18ae31485dc405e52e71017d0c2
  branch: master
  specs:
    pdf-reader-turtletext (0.2.2)
      pdf-reader (~> 2.4)

GEM
  remote: https://rubygems.org/
  specs:
    Ascii85 (1.1.1)
    afm (0.2.2)
    bigdecimal (3.1.8)
    hashery (2.1.2)
    pdf-reader (2.12.0)
      Ascii85 (~> 1.0)
      afm (~> 0.2.1)
      hashery (~> 2.0)
      ruby-rc4
      ttfunk
    ruby-rc4 (0.1.5)
    ttfunk (1.8.0)
      bigdecimal (~> 3.1)

PLATFORMS
  aarch64-linux
  ruby

DEPENDENCIES
  pdf-reader-turtletext!

RUBY VERSION
   ruby 3.3.4p94

BUNDLED WITH
   2.5.18
